GEM
  remote: https://rubygems.org/
  specs:
    cuba (3.1.0)
      rack
    nokogiri (1.5.9)
    rack (1.5.2)
    rubyzip (0.9.9)
    tilt (1.3.7)

PLATFORMS
  ruby

DEPENDENCIES
  cuba
  nokogiri
  rubyzip
  tilt
